PATH
  remote: .
  specs:
    portlandhike (0.1.0)
      cli-ui (~> 1.3)
      nokogiri

GEM
  remote: https://rubygems.org/
  specs:
    cli-ui (1.3.0)
    diff-lcs (1.3)
    mini_portile2 (2.4.0)
    nokogiri (1.10.4)
      mini_portile2 (~> 2.4.0)
    rake (10.5.0)
    rspec (3.8.0)
      rspec-core (~> 3.8.0)
      rspec-expectations (~> 3.8.0)
      rspec-mocks (~> 3.8.0)
    rspec-core (3.8.2)
      rspec-support (~> 3.8.0)
    rspec-expectations (3.8.5)
      diff-lcs (>= 1.2.0, < 2.0)
      rspec-support (~> 3.8.0)
    rspec-mocks (3.8.2)
      diff-lcs (>= 1.2.0, < 2.0)
      rspec-support (~> 3.8.0)
    rspec-support (3.8.3)

PLATFORMS
  ruby

DEPENDENCIES
  bundler (~> 2.0)
  portlandhike!
  rake (~> 10.0)
  rspec (~> 3.0)

BUNDLED WITH
   2.0.2
